GEM
  remote: https://rubygems.org/
  specs:
    httmultiparty (0.3.16)
      httparty (>= 0.7.3)
      mimemagic
      multipart-post
    httparty (0.21.0)
      mini_mime (>= 1.0.0)
      multi_xml (>= 0.5.2)
    mimemagic (0.4.3)
      nokogiri (~> 1)
      rake
    mini_mime (1.1.2)
    mini_portile2 (2.8.1)
    multi_xml (0.6.0)
    multipart-post (2.1.1)
    nokogiri (1.13.10)
      mini_portile2 (~> 2.8.0)
      racc (~> 1.4)
    racc (1.6.2)
    rake (13.0.3)
    sentry-api (0.3.4)
      httmultiparty (~> 0.3.16)
    statsd-ruby (1.5.0)

PLATFORMS
  ruby

DEPENDENCIES
  rake
  sentry-api
  statsd-ruby

BUNDLED WITH
   2.4.7
